GEM
  remote: https://rubygems.org/
  specs:
    docile (1.1.5)
    json (2.1.0)
    minitest (5.10.3)
    rake (12.0.0)
    simplecov (0.15.0)
      docile (~> 1.1.0)
      json (>= 1.8, < 3)
      simplecov-html (~> 0.10.0)
    simplecov-html (0.10.2)

PLATFORMS
  ruby

DEPENDENCIES
  minitest (~> 5.10.3)
  rake
  simplecov (~> 0.15)

BUNDLED WITH
   1.15.4
